GEM
  remote: https://rubygems.org/
  specs:
    connection_pool (2.2.0)
    ffi (1.9.14)
    json (2.0.2)
    listen (3.0.8)
      rb-fsevent (~> 0.9, >= 0.9.4)
      rb-inotify (~> 0.9, >= 0.9.7)
    mysql2 (0.3.21)
    rb-fsevent (0.9.7)
    rb-inotify (0.9.7)
      ffi (>= 0.5.0)
    redis (3.3.1)
    rerun (0.11.0)
      listen (~> 3.0)
    thread (0.2.2)

PLATFORMS
  ruby

DEPENDENCIES
  connection_pool
  json
  mysql2 (~> 0.3.18)
  redis
  rerun
  thread

BUNDLED WITH
   1.12.5
